GIT
  remote: https://github.com/rails/rails
  revision: 0b10efcc4cd08732eba5c78d9267d90451d18c7d
  branch: main
  specs:
    actioncable (7.0.0.alpha2)
      actionpack (= 7.0.0.alpha2)
      activesupport (= 7.0.0.alpha2)
      nio4r (~> 2.0)
      websocket-driver (>= 0.6.1)
    actionmailbox (7.0.0.alpha2)
      actionpack (= 7.0.0.alpha2)
      activejob (= 7.0.0.alpha2)
      activerecord (= 7.0.0.alpha2)
      activestorage (= 7.0.0.alpha2)
      activesupport (= 7.0.0.alpha2)
      mail (>= 2.7.1)
    actionmailer (7.0.0.alpha2)
      actionpack (= 7.0.0.alpha2)
      actionview (= 7.0.0.alpha2)
      activejob (= 7.0.0.alpha2)
      activesupport (= 7.0.0.alpha2)
      mail (~> 2.5, >= 2.5.4)
      rails-dom-testing (~> 2.0)
    actionpack (7.0.0.alpha2)
      actionview (= 7.0.0.alpha2)
      activesupport (= 7.0.0.alpha2)
      rack (~> 2.0, >= 2.2.0)
      rack-test (>= 0.6.3)
      rails-dom-testing (~> 2.0)
      rails-html-sanitizer (~> 1.0, >= 1.2.0)
    actiontext (7.0.0.alpha2)
      actionpack (= 7.0.0.alpha2)
      activerecord (= 7.0.0.alpha2)
      activestorage (= 7.0.0.alpha2)
      activesupport (= 7.0.0.alpha2)
      globalid (>= 0.6.0)
      nokogiri (>= 1.8.5)
    actionview (7.0.0.alpha2)
      activesupport (= 7.0.0.alpha2)
      builder (~> 3.1)
      erubi (~> 1.4)
      rails-dom-testing (~> 2.0)
      rails-html-sanitizer (~> 1.1, >= 1.2.0)
    activejob (7.0.0.alpha2)
      activesupport (= 7.0.0.alpha2)
      globalid (>= 0.3.6)
    activemodel (7.0.0.alpha2)
      activesupport (= 7.0.0.alpha2)
    activerecord (7.0.0.alpha2)
      activemodel (= 7.0.0.alpha2)
      activesupport (= 7.0.0.alpha2)
    activestorage (7.0.0.alpha2)
      actionpack (= 7.0.0.alpha2)
      activejob (= 7.0.0.alpha2)
      activerecord (= 7.0.0.alpha2)
      activesupport (= 7.0.0.alpha2)
      marcel (~> 1.0)
      mini_mime (>= 1.1.0)
    activesupport (7.0.0.alpha2)
      concurrent-ruby (~> 1.0, >= 1.0.2)
      i18n (>= 1.6, < 2)
      minitest (>= 5.1)
      tzinfo (~> 2.0)
    rails (7.0.0.alpha2)
      actioncable (= 7.0.0.alpha2)
      actionmailbox (= 7.0.0.alpha2)
      actionmailer (= 7.0.0.alpha2)
      actionpack (= 7.0.0.alpha2)
      actiontext (= 7.0.0.alpha2)
      actionview (= 7.0.0.alpha2)
      activejob (= 7.0.0.alpha2)
      activemodel (= 7.0.0.alpha2)
      activerecord (= 7.0.0.alpha2)
      activestorage (= 7.0.0.alpha2)
      activesupport (= 7.0.0.alpha2)
      bundler (>= 1.15.0)
      railties (= 7.0.0.alpha2)
    railties (7.0.0.alpha2)
      actionpack (= 7.0.0.alpha2)
      activesupport (= 7.0.0.alpha2)
      method_source
      rake (>= 12.2)
      thor (~> 1.0)
      zeitwerk (~> 2.5)

GEM
  remote: https://rubygems.org/
  specs:
    ast (2.4.2)
    builder (3.2.4)
    childprocess (4.1.0)
    coderay (1.1.3)
    coffee-script (2.4.1)
      coffee-script-source
      execjs
    coffee-script-source (1.12.2)
    concurrent-ruby (1.1.9)
    crass (1.0.6)
    diff-lcs (1.4.4)
    erubi (1.10.0)
    execjs (2.8.1)
    factory_bot (6.2.0)
      activesupport (>= 5.0.0)
    factory_bot_rails (6.2.0)
      factory_bot (~> 6.2.0)
      railties (>= 5.0.0)
    ffi (1.15.4)
    geocoder (1.7.0)
    globalid (1.0.0)
      activesupport (>= 5.0)
    gmaps4rails (2.1.2)
    i18n (1.8.11)
      concurrent-ruby (~> 1.0)
    iniparse (1.5.0)
    jquery-rails (4.4.0)
      rails-dom-testing (>= 1, < 3)
      railties (>= 4.2.0)
      thor (>= 0.14, < 2.0)
    loofah (2.12.0)
      crass (~> 1.0.2)
      nokogiri (>= 1.5.9)
    mail (2.7.1)
      mini_mime (>= 0.1.1)
    marcel (1.0.2)
    method_source (1.0.0)
    mini_mime (1.1.2)
    minitest (5.14.4)
    nio4r (2.5.8)
    nokogiri (1.12.5-x86_64-darwin)
      racc (~> 1.4)
    nokogiri (1.12.5-x86_64-linux)
      racc (~> 1.4)
    overcommit (0.58.0)
      childprocess (>= 0.6.3, < 5)
      iniparse (~> 1.4)
      rexml (~> 3.2)
    parallel (1.21.0)
    parser (3.0.3.1)
      ast (~> 2.4.1)
    pry (0.14.1)
      coderay (~> 1.1)
      method_source (~> 1.0)
    racc (1.6.0)
    rack (2.2.3)
    rack-test (1.1.0)
      rack (>= 1.0, < 3)
    rails-controller-testing (1.0.5)
      actionpack (>= 5.0.1.rc1)
      actionview (>= 5.0.1.rc1)
      activesupport (>= 5.0.1.rc1)
    rails-dom-testing (2.0.3)
      activesupport (>= 4.2.0)
      nokogiri (>= 1.6)
    rails-html-sanitizer (1.4.2)
      loofah (~> 2.3)
    rainbow (3.0.0)
    rake (13.0.6)
    rdoc (6.3.3)
    regexp_parser (2.1.1)
    rexml (3.2.5)
    rspec-core (3.10.1)
      rspec-support (~> 3.10.0)
    rspec-expectations (3.10.1)
      diff-lcs (>= 1.2.0, < 2.0)
      rspec-support (~> 3.10.0)
    rspec-mocks (3.10.2)
      diff-lcs (>= 1.2.0, < 2.0)
      rspec-support (~> 3.10.0)
    rspec-rails (5.0.2)
      actionpack (>= 5.2)
      activesupport (>= 5.2)
      railties (>= 5.2)
      rspec-core (~> 3.10)
      rspec-expectations (~> 3.10)
      rspec-mocks (~> 3.10)
      rspec-support (~> 3.10)
    rspec-support (3.10.3)
    rubocop (1.23.0)
      parallel (~> 1.10)
      parser (>= 3.0.0.0)
      rainbow (>= 2.2.2, < 4.0)
      regexp_parser (>= 1.8, < 3.0)
      rexml
      rubocop-ast (>= 1.12.0, < 2.0)
      ruby-progressbar (~> 1.7)
      unicode-display_width (>= 1.4.0, < 3.0)
    rubocop-ast (1.14.0)
      parser (>= 3.0.1.1)
    rubocop-rails (2.12.4)
      activesupport (>= 4.2.0)
      rack (>= 1.1)
      rubocop (>= 1.7.0, < 2.0)
    rubocop-rspec (2.6.0)
      rubocop (~> 1.19)
    ruby-progressbar (1.11.0)
    sassc (2.4.0)
      ffi (~> 1.9)
    sassc-rails (2.1.2)
      railties (>= 4.0.0)
      sassc (>= 2.0)
      sprockets (> 3.0)
      sprockets-rails
      tilt
    sdoc (2.2.0)
      rdoc (>= 5.0)
    spring (3.1.1)
    spring-commands-rspec (1.0.4)
      spring (>= 0.9.1)
    sprockets (4.0.2)
      concurrent-ruby (~> 1.0)
      rack (> 1, < 3)
    sprockets-rails (3.4.1)
      actionpack (>= 5.2)
      activesupport (>= 5.2)
      sprockets (>= 3.0.0)
    sqlite3 (1.4.2)
    terser (1.1.8)
      execjs (>= 0.3.0, < 3)
    thor (1.1.0)
    tilt (2.0.10)
    turbolinks (5.2.1)
      turbolinks-source (~> 5.2)
    turbolinks-source (5.2.0)
    tzinfo (2.0.4)
      concurrent-ruby (~> 1.0)
    underscore-rails (1.8.3)
    unicode-display_width (2.1.0)
    websocket-driver (0.7.5)
      websocket-extensions (>= 0.1.0)
    websocket-extensions (0.1.5)
    zeitwerk (2.5.1)

PLATFORMS
  x86_64-darwin-16
  x86_64-linux

DEPENDENCIES
  coffee-script
  factory_bot_rails
  geocoder
  gmaps4rails
  jquery-rails
  overcommit
  pry
  rails!
  rails-controller-testing
  rspec-rails
  rubocop-rails
  rubocop-rspec
  sassc-rails
  sdoc
  spring
  spring-commands-rspec
  sprockets-rails
  sqlite3
  terser
  turbolinks
  underscore-rails

RUBY VERSION
   ruby 2.7.5p203

BUNDLED WITH
   2.2.32
